GEM
  remote: https://rubygems.org/
  specs:
    childprocess (0.6.2)
      ffi (~> 1.0, >= 1.0.11)
    diff-lcs (1.3)
    ffi (1.9.18)
    rspec (3.5.0)
      rspec-core (~> 3.5.0)
      rspec-expectations (~> 3.5.0)
      rspec-mocks (~> 3.5.0)
    rspec-core (3.5.4)
      rspec-support (~> 3.5.0)
    rspec-expectations (3.5.0)
      diff-lcs (>= 1.2.0, < 2.0)
      rspec-support (~> 3.5.0)
    rspec-mocks (3.5.0)
      diff-lcs (>= 1.2.0, < 2.0)
      rspec-support (~> 3.5.0)
    rspec-support (3.5.0)
    rubyzip (1.2.1)
    selenium-webdriver (3.3.0)
      childprocess (~> 0.5)
      rubyzip (~> 1.0)
      websocket (~> 1.0)
    websocket (1.2.4)

PLATFORMS
  ruby

DEPENDENCIES
  rspec
  selenium-webdriver

BUNDLED WITH
   1.13.6
